PATH
  remote: .
  specs:
    desktop-mgr (0.1.0)
      os (~> 0.9.6)
      sequel (~> 4.38)
      sqlite3 (~> 1.3, >= 1.3.11)
      terminal-table (~> 1.7, >= 1.7.1)
      thor (~> 0.19)
      time_ago_in_words (~> 0.1.1)

GEM
  remote: https://rubygems.org/
  specs:
    os (0.9.6)
    sequel (4.38.0)
    sqlite3 (1.3.11)
    terminal-table (1.7.2)
      unicode-display_width (~> 1.1.1)
    thor (0.19.1)
    time_ago_in_words (0.1.1)
    unicode-display_width (1.1.1)

PLATFORMS
  ruby

DEPENDENCIES
  desktop-mgr!
  os (~> 0.9.6)
  sequel (~> 4.38)
  sqlite3 (~> 1.3, >= 1.3.11)
  terminal-table (~> 1.7, >= 1.7.1)
  thor (~> 0.19)
  time_ago_in_words (~> 0.1.1)

BUNDLED WITH
   1.13.1
