PATH
  remote: .
  specs:
    desktop-mgr (0.1.0)
      sequel (~> 4.38)
      terminal-table (~> 1.7, >= 1.7.1)
      thor (~> 0.19)

GEM
  remote: https://rubygems.org/
  specs:
    sequel (4.38.0)
    terminal-table (1.7.2)
      unicode-display_width (~> 1.1.1)
    thor (0.19.1)
    unicode-display_width (1.1.1)

PLATFORMS
  ruby

DEPENDENCIES
  desktop-mgr!
  sequel (~> 4.38)
  terminal-table (~> 1.7, >= 1.7.1)

BUNDLED WITH
   1.12.5
